PATH
  remote: .
  specs:
    scoundrel_ruby (0.0.1)
      bundler
      php-serialize4ruby
      rdoc
      rspec
      string-cases
      tsafe
      wref

GEM
  remote: http://rubygems.org/
  specs:
    diff-lcs (1.5.0)
    php-serialize4ruby (0.0.0)
    psych (5.1.1.1)
      stringio
    rdoc (6.6.0)
      psych (>= 4.0.0)
    rspec (3.12.0)
      rspec-core (~> 3.12.0)
      rspec-expectations (~> 3.12.0)
      rspec-mocks (~> 3.12.0)
    rspec-core (3.12.2)
      rspec-support (~> 3.12.0)
    rspec-expectations (3.12.3)
      diff-lcs (>= 1.2.0, < 2.0)
      rspec-support (~> 3.12.0)
    rspec-mocks (3.12.6)
      diff-lcs (>= 1.2.0, < 2.0)
      rspec-support (~> 3.12.0)
    rspec-support (3.12.1)
    string-cases (0.0.4)
    stringio (3.1.0)
    tsafe (0.0.12)
    wref (0.0.8)

PLATFORMS
  x86_64-linux

DEPENDENCIES
  scoundrel_ruby!

BUNDLED WITH
   2.3.8
