PATH
  remote: .
  specs:
    scoundrel_ruby (0.0.1)
      base64
      bundler
      php-serialize
      rdoc
      rspec
      string-cases
      tsafe
      wref

GEM
  remote: http://rubygems.org/
  specs:
    base64 (0.3.0)
    diff-lcs (1.6.2)
    php-serialize (1.4.1)
    psych (5.1.1.1)
      stringio
    rdoc (6.6.2)
      psych (>= 4.0.0)
    ref (2.0.0)
    rexml (3.4.4)
    rspec (3.13.1)
      rspec-core (~> 3.13.0)
      rspec-expectations (~> 3.13.0)
      rspec-mocks (~> 3.13.0)
    rspec-core (3.13.5)
      rspec-support (~> 3.13.0)
    rspec-expectations (3.13.5)
      diff-lcs (>= 1.2.0, < 2.0)
      rspec-support (~> 3.13.0)
    rspec-mocks (3.13.5)
      diff-lcs (>= 1.2.0, < 2.0)
      rspec-support (~> 3.13.0)
    rspec-support (3.13.6)
    string-cases (0.0.4)
    stringio (3.1.0)
    tsafe (0.0.12)
    weakling (0.0.3)
    wref (0.0.9)
      ref
      weakling

PLATFORMS
  x86_64-linux

DEPENDENCIES
  rexml
  scoundrel_ruby!

BUNDLED WITH
   2.3.8
