PATH
  remote: .
  specs:
    scoundrel_ruby (0.0.1)
      base64
      bundler
      php-serialize
      rdoc
      rspec
      string-cases
      tsafe
      wref

GEM
  remote: http://rubygems.org/
  specs:
    base64 (0.3.0)
    date (3.4.1)
    diff-lcs (1.5.1)
    erb (5.0.2)
    php-serialize (1.4.1)
    psych (5.2.6)
      date
      stringio
    rdoc (6.14.2)
      erb
      psych (>= 4.0.0)
    ref (2.0.0)
    rexml (3.4.4)
    rspec (3.13.0)
      rspec-core (~> 3.13.0)
      rspec-expectations (~> 3.13.0)
      rspec-mocks (~> 3.13.0)
    rspec-core (3.13.0)
      rspec-support (~> 3.13.0)
    rspec-expectations (3.13.0)
      diff-lcs (>= 1.2.0, < 2.0)
      rspec-support (~> 3.13.0)
    rspec-mocks (3.13.0)
      diff-lcs (>= 1.2.0, < 2.0)
      rspec-support (~> 3.13.0)
    rspec-support (3.13.0)
    string-cases (0.0.4)
    stringio (3.1.7)
    tsafe (0.0.12)
    wref (0.0.11)
      ref

PLATFORMS
  x86_64-linux

DEPENDENCIES
  rexml
  scoundrel_ruby!

BUNDLED WITH
   2.3.8
