PATH
  remote: .
  specs:
    scoundrel_php (0.0.1)
      bundler (>= 1.0.0)
      php-serialize4ruby
      rdoc (~> 3.12)
      rspec (~> 2.8.0)
      string-cases
      tsafe
      wref

GEM
  remote: http://rubygems.org/
  specs:
    diff-lcs (1.1.3)
    json (1.8.6)
    php-serialize4ruby (0.0.0)
    rdoc (3.12.2)
      json (~> 1.4)
    rspec (2.8.0)
      rspec-core (~> 2.8.0)
      rspec-expectations (~> 2.8.0)
      rspec-mocks (~> 2.8.0)
    rspec-core (2.8.0)
    rspec-expectations (2.8.0)
      diff-lcs (~> 1.1.2)
    rspec-mocks (2.8.0)
    string-cases (0.0.4)
    tsafe (0.0.12)
    wref (0.0.8)

PLATFORMS
  x86_64-linux

DEPENDENCIES
  scoundrel_php!

BUNDLED WITH
   2.3.8
