PATH
  remote: .
  specs:
    scoundrel_php (0.0.1)
      bundler (>= 1.0.0)
      php-serialize4ruby
      rdoc (~> 3.12)
      rspec (>= 2.8, < 3.13)
      string-cases
      tsafe
      wref

GEM
  remote: http://rubygems.org/
  specs:
    diff-lcs (1.5.0)
    json (1.8.6)
    php-serialize4ruby (0.0.0)
    rdoc (3.12.2)
      json (~> 1.4)
    rspec (3.12.0)
      rspec-core (~> 3.12.0)
      rspec-expectations (~> 3.12.0)
      rspec-mocks (~> 3.12.0)
    rspec-core (3.12.2)
      rspec-support (~> 3.12.0)
    rspec-expectations (3.12.3)
      diff-lcs (>= 1.2.0, < 2.0)
      rspec-support (~> 3.12.0)
    rspec-mocks (3.12.6)
      diff-lcs (>= 1.2.0, < 2.0)
      rspec-support (~> 3.12.0)
    rspec-support (3.12.1)
    string-cases (0.0.4)
    tsafe (0.0.12)
    wref (0.0.8)

PLATFORMS
  x86_64-linux

DEPENDENCIES
  scoundrel_php!

BUNDLED WITH
   2.3.8
