PATH
  remote: .
  specs:
    scoundrel_ruby (0.0.13)
      bundler (>= 1.0.0)
      rdoc (>= 3.12, < 7.0)
      rspec (~> 2.8.0)
      string-cases
      tsafe
      wref

GEM
  remote: http://rubygems.org/
  specs:
    diff-lcs (1.1.3)
    psych (5.1.1.1)
      stringio
    rdoc (6.6.0)
      psych (>= 4.0.0)
    rspec (2.8.0)
      rspec-core (~> 2.8.0)
      rspec-expectations (~> 2.8.0)
      rspec-mocks (~> 2.8.0)
    rspec-core (2.8.0)
    rspec-expectations (2.8.0)
      diff-lcs (~> 1.1.2)
    rspec-mocks (2.8.0)
    string-cases (0.0.4)
    stringio (3.1.0)
    tsafe (0.0.12)
    wref (0.0.8)

PLATFORMS
  x86_64-linux

DEPENDENCIES
  scoundrel_ruby!

BUNDLED WITH
   2.3.8
